GIT
  remote: git@github.com:bengler/bengler_test_helper.git
  revision: 599b0c5cec320a9d7b1f1bca378c9e33bd25f27d
  specs:
    bengler_test_helper (0.0.2)

GEM
  remote: http://rubygems.org/
  specs:
    activemodel (3.2.2)
      activesupport (= 3.2.2)
      builder (~> 3.0.0)
    activerecord (3.2.2)
      activemodel (= 3.2.2)
      activesupport (= 3.2.2)
      arel (~> 3.0.2)
      tzinfo (~> 0.3.29)
    activesupport (3.2.2)
      i18n (~> 0.6)
      multi_json (~> 1.0)
    addressable (2.2.7)
    arel (3.0.2)
    builder (3.0.0)
    bunny (0.7.9)
    crack (0.3.1)
    curb (0.8.0)
    daemons (1.1.8)
    deepstruct (0.0.1)
    diff-lcs (1.1.3)
    eventmachine (0.12.10)
    excon (0.12.0)
    futurevalue (0.0.2)
    i18n (0.6.0)
    kgio (2.7.3)
    multi_json (1.1.0)
    nokogiri (1.5.2)
    pathbuilder (0.0.2)
    pebblebed (0.0.12)
      activesupport
      curb (~> 0.8.0)
      deepstruct
      futurevalue
      i18n
      nokogiri
      pathbuilder
      queryparams
      yajl-ruby
    petroglyph (0.0.3)
      tilt
    pg (0.13.2)
    queryparams (0.0.3)
    rack (1.4.1)
    rack-contrib (1.1.0)
      rack (>= 0.9.1)
    rack-protection (1.2.0)
      rack
    rack-test (0.6.1)
      rack (>= 1.0)
    raindrops (0.8.0)
    rake (0.9.2.2)
    rspec (2.9.0)
      rspec-core (~> 2.9.0)
      rspec-expectations (~> 2.9.0)
      rspec-mocks (~> 2.9.0)
    rspec-core (2.9.0)
    rspec-expectations (2.9.0)
      diff-lcs (~> 1.1.3)
    rspec-mocks (2.9.0)
    simplecov (0.6.1)
      multi_json (~> 1.0)
      simplecov-html (~> 0.5.3)
    simplecov-html (0.5.3)
    sinatra (1.3.2)
      rack (~> 1.3, >= 1.3.6)
      rack-protection (~> 1.2)
      tilt (~> 1.3, >= 1.3.3)
    sinatra-activerecord (0.1.3)
      sinatra (>= 0.9.4)
    thin (1.3.1)
      daemons (>= 1.0.9)
      eventmachine (>= 0.12.6)
      rack (>= 1.0.0)
    tilt (1.3.3)
    tzinfo (0.3.32)
    unicorn (4.2.0)
      kgio (~> 2.6)
      rack
      raindrops (~> 0.7)
    webmock (1.8.3)
      addressable (>= 2.2.7)
      crack (>= 0.1.7)
    yajl-ruby (1.1.0)

PLATFORMS
  ruby

DEPENDENCIES
  activerecord (~> 3.2.2)
  bengler_test_helper!
  bunny (~> 0.7.9)
  excon (~> 0.12.0)
  nokogiri (~> 1.5.2)
  pebblebed (~> 0.0.9)
  petroglyph (~> 0.0.2)
  pg (~> 0.13.2)
  rack (~> 1.4)
  rack-contrib (~> 1.1.0)
  rack-test
  rake
  rspec (~> 2.8)
  simplecov
  sinatra (~> 1.3.2)
  sinatra-activerecord (~> 0.1.3)
  thin
  unicorn
  webmock
  yajl-ruby (~> 1.1.0)
