GIT
  remote: git://github.com/rack/rack-contrib.git
  revision: c624e1ae4390667e355a7467632b5228716ba551
  specs:
    rack-contrib (1.2.0)
      rack (>= 0.9.1)

GIT
  remote: https://github.com/bengler/pebbles-cors.git
  revision: 869d6b6540577b8f598dac9263b82c783513243c
  specs:
    pebbles-cors (0.2.2)
      dalli
      pebblebed
      rack

GIT
  remote: https://github.com/bengler/pebbles-river.git
  revision: f2d4764ef8a9617513906bcf74880e85df7bccbd
  specs:
    pebbles-river (0.2.1)
      activesupport (>= 3.0)
      bunny (= 1.6.0.rc2)
      mercenary (~> 0.3.3)
      pebblebed (~> 0.3.0)
      servolux (~> 0.10)

GEM
  remote: https://rubygems.org/
  specs:
    activesupport (4.2.0)
      i18n (~> 0.7)
      json (~> 1.7, >= 1.7.7)
      minitest (~> 5.1)
      thread_safe (~> 0.3, >= 0.3.4)
      tzinfo (~> 1.1)
    addressable (2.3.2)
    airbrake (3.1.6)
      builder
      girl_friday
    amq-protocol (1.9.2)
    builder (3.1.4)
    bunny (1.6.0.rc2)
      amq-protocol (>= 1.9.2)
    connection_pool (0.9.2)
    crack (0.3.2)
    curb (0.8.6)
    daemons (1.1.9)
    dalli (2.7.2)
    deepstruct (0.0.7)
    diff-lcs (1.2.5)
    eventmachine (1.0.0)
    excon (0.12.0)
    futurevalue (0.0.2)
    girl_friday (0.10.0)
      connection_pool (~> 0.9.0)
    httpclient (2.5.0)
    i18n (0.7.0)
    json (1.8.2)
    kgio (2.9.2)
    mercenary (0.3.5)
    minitest (5.5.1)
    multi_json (1.10.1)
    nokogiri (1.5.11)
    pathbuilder (0.0.2)
    pebblebed (0.3.1)
      activesupport
      bunny (= 1.6.0.rc2)
      curb (>= 0.8.4)
      deepstruct (>= 0.0.4)
      futurevalue
      nokogiri
      pathbuilder
      queryparams
      yajl-ruby
    pebbles-uid (0.0.9)
    queryparams (0.0.3)
    rack (1.6.0)
    rack-protection (1.3.2)
      rack
    rack-test (0.6.2)
      rack (>= 1.0)
    raindrops (0.13.0)
    rake (0.9.2.2)
    rspec (2.99.0)
      rspec-core (~> 2.99.0)
      rspec-expectations (~> 2.99.0)
      rspec-mocks (~> 2.99.0)
    rspec-core (2.99.2)
    rspec-expectations (2.99.2)
      diff-lcs (>= 1.1.3, < 2.0)
    rspec-mocks (2.99.2)
    servolux (0.10.0)
    simplecov (0.7.1)
      multi_json (~> 1.0)
      simplecov-html (~> 0.7.1)
    simplecov-html (0.7.1)
    sinatra (1.3.4)
      rack (~> 1.4)
      rack-protection (~> 1.3)
      tilt (~> 1.3, >= 1.3.3)
    thin (1.5.0)
      daemons (>= 1.0.9)
      eventmachine (>= 0.12.6)
      rack (>= 1.0.0)
    thread_safe (0.3.4)
    tilt (1.3.3)
    tzinfo (1.2.2)
      thread_safe (~> 0.1)
    unicorn (4.8.3)
      kgio (~> 2.6)
      rack
      raindrops (~> 0.7)
    webmock (1.9.0)
      addressable (>= 2.2.7)
      crack (>= 0.1.7)
    yajl-ruby (1.1.0)

PLATFORMS
  ruby

DEPENDENCIES
  activesupport (~> 4.2.0)
  airbrake (~> 3.1.4)
  crack (~> 0.3.2)
  excon (~> 0.12.0)
  httpclient
  nokogiri (~> 1.5.2)
  pebblebed (~> 0.3.1)
  pebbles-cors!
  pebbles-river (~> 0.2.1)!
  pebbles-uid
  rack (~> 1.4)
  rack-contrib!
  rack-test
  rake
  rspec (~> 2.99.0)
  simplecov
  sinatra (~> 1.3.2)
  thin
  unicorn
  webmock
  yajl-ruby (~> 1.1.0)
