GIT
  remote: git@github.com:bengler/bengler_test_helper.git
  revision: e9258320a096beeaa6b1bdae33252f290886f9bd
  specs:
    bengler_test_helper (0.0.2)

GIT
  remote: git@github.com:bengler/pebbles-cors.git
  revision: d51dc16e96bb7534da7e4dae2e311c8a31b7429a
  specs:
    pebbles-cors (0.0.1)
      dalli
      pebblebed
      rack

GEM
  remote: http://rubygems.org/
  specs:
    activesupport (3.2.8)
      i18n (~> 0.6)
      multi_json (~> 1.0)
    addressable (2.3.2)
    airbrake (3.1.6)
      builder
      girl_friday
    builder (3.1.4)
    bunny (0.8.0)
    connection_pool (0.9.2)
    crack (0.3.1)
    curb (0.8.2)
    daemons (1.1.9)
    dalli (2.5.0)
    deepstruct (0.0.2)
    diff-lcs (1.1.3)
    eventmachine (1.0.0)
    excon (0.12.0)
    futurevalue (0.0.2)
    girl_friday (0.10.0)
      connection_pool (~> 0.9.0)
    httpclient (2.3.0.1)
    i18n (0.6.1)
    kgio (2.7.4)
    multi_json (1.3.7)
    nokogiri (1.5.5)
    pathbuilder (0.0.2)
    pebblebed (0.0.26)
      activesupport
      bunny
      curb (>= 0.7.14)
      deepstruct (>= 0.0.2)
      futurevalue
      i18n
      nokogiri
      pathbuilder
      queryparams
      yajl-ruby
    pebbles-uid (0.0.9)
    pg (0.13.2)
    queryparams (0.0.3)
    rack (1.4.1)
    rack-contrib (1.1.0)
      rack (>= 0.9.1)
    rack-protection (1.2.0)
      rack
    rack-test (0.6.2)
      rack (>= 1.0)
    raindrops (0.10.0)
    rake (0.9.2.2)
    rspec (2.11.0)
      rspec-core (~> 2.11.0)
      rspec-expectations (~> 2.11.0)
      rspec-mocks (~> 2.11.0)
    rspec-core (2.11.1)
    rspec-expectations (2.11.3)
      diff-lcs (~> 1.1.3)
    rspec-mocks (2.11.3)
    simplecov (0.7.1)
      multi_json (~> 1.0)
      simplecov-html (~> 0.7.1)
    simplecov-html (0.7.1)
    sinatra (1.3.3)
      rack (~> 1.3, >= 1.3.6)
      rack-protection (~> 1.2)
      tilt (~> 1.3, >= 1.3.3)
    thin (1.5.0)
      daemons (>= 1.0.9)
      eventmachine (>= 0.12.6)
      rack (>= 1.0.0)
    tilt (1.3.3)
    unicorn (4.4.0)
      kgio (~> 2.6)
      rack
      raindrops (~> 0.7)
    webmock (1.9.0)
      addressable (>= 2.2.7)
      crack (>= 0.1.7)
    yajl-ruby (1.1.0)

PLATFORMS
  ruby

DEPENDENCIES
  activesupport (~> 3.2.8)
  airbrake (~> 3.1.4)
  bengler_test_helper!
  excon (~> 0.12.0)
  httpclient
  nokogiri (~> 1.5.2)
  pebblebed (~> 0.0.9)
  pebbles-cors!
  pebbles-uid
  pg (~> 0.13.2)
  rack (~> 1.4)
  rack-contrib (~> 1.1.0)
  rack-test
  rake
  rspec (~> 2.8)
  simplecov
  sinatra (~> 1.3.2)
  thin
  unicorn
  webmock
  yajl-ruby (~> 1.1.0)
